GEM
  remote: https://rubygems.org/
  specs:
    chunky_png (1.3.5)
    json (1.8.3)
    oily_png (1.2.0)
      chunky_png (~> 1.3.1)

PLATFORMS
  ruby

DEPENDENCIES
  json
  oily_png

BUNDLED WITH
   1.10.3
